GEM
  remote: http://rubygems.org/
  specs:
    diff-lcs (1.2.1)
    minitest (4.6.2)
    rake (10.0.3)
    rspec (2.13.0)
      rspec-core (~> 2.13.0)
      rspec-expectations (~> 2.13.0)
      rspec-mocks (~> 2.13.0)
    rspec-core (2.13.0)
    rspec-expectations (2.13.0)
      diff-lcs (>= 1.1.3, < 2.0)
    rspec-mocks (2.13.0)

PLATFORMSi
pyhton

DEPENDENCIES
  minitest
  rake
  rspec
This is master part of merge
